GEM
  remote: http://rubygems.org/
  specs:
    haml (3.1.4)
    json (1.5.1)
    rack (1.2.3)
    sinatra (1.2.6)
      rack (~> 1.1)
      tilt (>= 1.2.2, < 2.0)
    tilt (1.3.2)

PLATFORMS
  ruby

DEPENDENCIES
  haml
  json
  sinatra
