GEM
  remote: http://rubygems.org/
  specs:
    haml (3.1.4)
    json (1.6.3)
    rack (1.3.5)
    rack-canonical-host (0.0.3)
      rack (>= 1.0.0)
    rack-protection (1.1.4)
      rack
    sinatra (1.3.1)
      rack (~> 1.3, >= 1.3.4)
      rack-protection (~> 1.1, >= 1.1.2)
      tilt (~> 1.3, >= 1.3.3)
    tilt (1.3.3)

PLATFORMS
  ruby

DEPENDENCIES
  haml
  json
  rack-canonical-host (~> 0.0.3)
  sinatra
